GIT
  remote: https://github.com/tja/ruby-ffmpeg
  revision: 547edea222f3d726a8bd0f9c7d44f9a206e582b3
  specs:
    ruby-ffmpeg (0.2.0)

GEM
  remote: https://rubygems.org/
  specs:
    columnize (0.8.9)
    debugger (1.6.8)
      columnize (>= 0.3.1)
      debugger-linecache (~> 1.2.0)
      debugger-ruby_core_source (~> 1.3.5)
    debugger-linecache (1.2.0)
    debugger-ruby_core_source (1.3.5)
    qtbindings (4.8.6.0)

PLATFORMS
  ruby

DEPENDENCIES
  debugger
  qtbindings
  ruby-ffmpeg!
